PATH
  remote: .
  specs:
    omniauth-tripit (0.0.1)
      omniauth
      omniauth-oauth

GEM
  remote: http://rubygems.org/
  specs:
    diff-lcs (1.1.3)
    hashie (2.0.5)
    multi_json (1.3.6)
    oauth (0.4.7)
    omniauth (1.1.4)
      hashie (>= 1.2, < 3)
      rack
    omniauth-oauth (1.0.1)
      oauth
      omniauth (~> 1.0)
    rack (1.5.2)
    rspec (2.10.0)
      rspec-core (~> 2.10.0)
      rspec-expectations (~> 2.10.0)
      rspec-mocks (~> 2.10.0)
    rspec-core (2.10.1)
    rspec-expectations (2.10.0)
      diff-lcs (~> 1.1.3)
    rspec-mocks (2.10.1)
    simplecov (0.6.4)
      multi_json (~> 1.0)
      simplecov-html (~> 0.5.3)
    simplecov-html (0.5.3)

PLATFORMS
  ruby

DEPENDENCIES
  omniauth-tripit!
  rspec
  simplecov
