PATH
  remote: .
  specs:
    omniauth-tripit (0.1.0)
      omniauth
      omniauth-oauth

GEM
  remote: http://rubygems.org/
  specs:
    diff-lcs (1.2.4)
    hashie (4.1.0)
    multi_json (1.7.6)
    oauth (0.5.6)
    omniauth (2.0.4)
      hashie (>= 3.4.6)
      rack (>= 1.6.2, < 3)
      rack-protection
    omniauth-oauth (1.2.0)
      oauth
      omniauth (>= 1.0, < 3)
    rack (2.2.3)
    rack-protection (2.1.0)
      rack
    rspec (2.13.0)
      rspec-core (~> 2.13.0)
      rspec-expectations (~> 2.13.0)
      rspec-mocks (~> 2.13.0)
    rspec-core (2.13.1)
    rspec-expectations (2.13.0)
      diff-lcs (>= 1.1.3, < 2.0)
    rspec-mocks (2.13.1)
    simplecov (0.7.1)
      multi_json (~> 1.0)
      simplecov-html (~> 0.7.1)
    simplecov-html (0.7.1)

PLATFORMS
  ruby

DEPENDENCIES
  omniauth-tripit!
  rspec
  simplecov

BUNDLED WITH
   2.1.4
